GEM
  remote: http://rubygems.org/
  specs:
    r18n-core (0.4.14)
    test-unit (2.4.8)

PLATFORMS
  ruby

DEPENDENCIES
  r18n-core
  test-unit
